GEM
  remote: https://rubygems.org/
  specs:
    rqrcode (0.4.2)
    ruby-filemagic (0.4.2)

PLATFORMS
  ruby

DEPENDENCIES
  rqrcode
  ruby-filemagic
